GEM
  remote: http://rubygems.org/
  specs:
    abstract (1.0.0)
    actionpack (3.0.3)
      activemodel (= 3.0.3)
      activesupport (= 3.0.3)
      builder (~> 2.1.2)
      erubis (~> 2.6.6)
      i18n (~> 0.4)
      rack (~> 1.2.1)
      rack-mount (~> 0.6.13)
      rack-test (~> 0.5.6)
      tzinfo (~> 0.3.23)
    activemodel (3.0.3)
      activesupport (= 3.0.3)
      builder (~> 2.1.2)
      i18n (~> 0.4)
    activerecord (3.0.3)
      activemodel (= 3.0.3)
      activesupport (= 3.0.3)
      arel (~> 2.0.2)
      tzinfo (~> 0.3.23)
    activesupport (3.0.3)
    addressable (2.4.0)
    arel (2.0.6)
    builder (2.1.2)
    descendants_tracker (0.0.4)
      thread_safe (~> 0.3, >= 0.3.1)
    erubis (2.6.6)
      abstract (>= 1.0.0)
    faraday (0.9.2)
      multipart-post (>= 1.2, < 3)
    git (1.6.0)
      rchardet (~> 1.8)
    github_api (0.16.0)
      addressable (~> 2.4.0)
      descendants_tracker (~> 0.0.4)
      faraday (~> 0.8, < 0.10)
      hashie (>= 3.4)
      mime-types (>= 1.16, < 3.0)
      oauth2 (~> 1.0)
    hashie (4.1.0)
    highline (2.0.3)
    i18n (0.5.0)
    jeweler (2.3.9)
      builder
      bundler
      git (>= 1.2.5)
      github_api (~> 0.16.0)
      highline (>= 1.6.15)
      nokogiri (>= 1.5.10)
      psych
      rake
      rdoc
      semver2
    jwt (2.2.1)
    mime-types (2.99.3)
    mini_portile2 (2.4.0)
    multi_json (1.14.1)
    multi_xml (0.6.0)
    multipart-post (2.1.1)
    nokogiri (1.10.8)
      mini_portile2 (~> 2.4.0)
    oauth2 (1.4.4)
      faraday (>= 0.8, < 2.0)
      jwt (>= 1.0, < 3.0)
      multi_json (~> 1.3)
      multi_xml (~> 0.5)
      rack (>= 1.2, < 3)
    psych (3.1.0)
    rack (1.2.1)
    rack-mount (0.6.13)
      rack (>= 1.0.0)
    rack-test (0.5.7)
      rack (>= 1.0)
    rake (13.0.1)
    rchardet (1.8.0)
    rdoc (6.2.1)
    redgreen (1.2.2)
    semver2 (3.4.2)
    sqlite3-ruby (1.3.2)
    thread_safe (0.3.6)
    tzinfo (0.3.23)

PLATFORMS
  ruby

DEPENDENCIES
  actionpack
  activerecord
  activesupport
  jeweler (>= 1.5.2)
  rake (>= 12.3.3)
  redgreen
  sqlite3-ruby

BUNDLED WITH
   1.17.3
